GEM
  specs:
    fakeweb (1.3.0)

PLATFORMS
  ruby

DEPENDENCIES
  fakeweb (~> 1.3)
